GEM
  remote: https://rubygems.org/
  specs:
    celluloid (0.17.1.2)
      bundler
      celluloid-essentials
      celluloid-extras
      celluloid-fsm
      celluloid-pool
      celluloid-supervision
      dotenv
      nenv
      rspec-logsplit (>= 0.1.2)
      timers (>= 4.1.1)
    celluloid-essentials (0.20.2.1)
      bundler
      dotenv
      nenv
      rspec-logsplit (>= 0.1.2)
      timers (>= 4.1.1)
    celluloid-extras (0.20.1)
      bundler
      dotenv
      nenv
      rspec-logsplit (>= 0.1.2)
      timers (>= 4.1.1)
    celluloid-fsm (0.20.1)
      bundler
      dotenv
      nenv
      rspec-logsplit (>= 0.1.2)
      timers (>= 4.1.1)
    celluloid-pool (0.20.1)
      bundler
      dotenv
      nenv
      rspec-logsplit (>= 0.1.2)
      timers (>= 4.1.1)
    celluloid-supervision (0.20.1.1)
      bundler
      dotenv
      nenv
      rspec-logsplit (>= 0.1.2)
      timers (>= 4.1.1)
    diff-lcs (1.2.5)
    dotenv (2.0.2)
    hitimes (1.2.3)
    hitimes (1.2.3-java)
    mini_portile (0.6.2)
    nenv (0.2.0)
    nokogiri (1.6.6.2)
      mini_portile (~> 0.6.0)
    nokogiri (1.6.6.2-java)
    rspec (3.3.0)
      rspec-core (~> 3.3.0)
      rspec-expectations (~> 3.3.0)
      rspec-mocks (~> 3.3.0)
    rspec-core (3.3.2)
      rspec-support (~> 3.3.0)
    rspec-expectations (3.3.1)
      diff-lcs (>= 1.2.0, < 2.0)
      rspec-support (~> 3.3.0)
    rspec-logsplit (0.1.3)
    rspec-mocks (3.3.2)
      diff-lcs (>= 1.2.0, < 2.0)
      rspec-support (~> 3.3.0)
    rspec-support (3.3.0)
    timers (4.1.1)
      hitimes

PLATFORMS
  java
  ruby

DEPENDENCIES
  celluloid
  nokogiri
  rspec

BUNDLED WITH
   1.10.6
